GEM
  remote: http://rubygems.org/
  specs:
    awesome_print (1.6.1)
    colorize (0.7.7)
    thor (0.19.1)

PLATFORMS
  ruby

DEPENDENCIES
  awesome_print
  colorize
  thor
